GEM
  remote: http://rubygems.org/
  specs:
    activemodel (3.1.1)
      activesupport (= 3.1.1)
      builder (~> 3.0.0)
      i18n (~> 0.6)
    activesupport (3.1.1)
      multi_json (~> 1.0)
    bson (1.3.1)
    bson_ext (1.3.1)
    builder (3.0.0)
    diff-lcs (1.1.3)
    i18n (0.6.0)
    metaclass (0.0.1)
    mocha (0.10.0)
      metaclass (~> 0.0.1)
    mongo (1.3.1)
      bson (>= 1.3.1)
    mongoid (2.3.4)
      activemodel (~> 3.1)
      mongo (~> 1.3)
      tzinfo (~> 0.3.22)
    multi_json (1.0.3)
    rake (0.9.2.2)
    rspec (2.6.0)
      rspec-core (~> 2.6.0)
      rspec-expectations (~> 2.6.0)
      rspec-mocks (~> 2.6.0)
    rspec-core (2.6.4)
    rspec-expectations (2.6.0)
      diff-lcs (~> 1.1.2)
    rspec-mocks (2.6.0)
    tzinfo (0.3.31)

PLATFORMS
  ruby

DEPENDENCIES
  activesupport
  bson (= 1.3.1)
  bson_ext (= 1.3.1)
  mocha (= 0.10.0)
  mongoid (~> 2.3)
  rake
  rspec (~> 2.6.0)
